PATH
  remote: .
  specs:
    foundation_datepicker_rails (0.0.2)

GEM
  remote: https://rubygems.org/
  specs:

PLATFORMS
  ruby

DEPENDENCIES
  foundation_datepicker_rails!

BUNDLED WITH
   1.11.2
